GEM
  remote: https://rubygems.org/
  specs:
    sass (3.3.9)

PLATFORMS
  ruby

DEPENDENCIES
  sass
